GEM
  remote: https://rubygems.org/
  specs:
    redis (3.0.6)

PLATFORMS
  ruby

DEPENDENCIES
  redis
